GEM
  remote: https://rubygems.org/
  specs:
    awestruct (0.5.3)
      bootstrap-sass (>= 2.3.1.0)
      compass (>= 0.12.1)
      compass-960-plugin (~> 0.10.4)
      git (~> 1.2.5)
      haml (~> 4.0.1)
      listen (>= 0.7.3)
      nokogiri (= 1.5.10)
      rack (~> 1.5.2)
      rest-client (>= 1.6.7)
      ruby-s3cmd (~> 0.1.5)
      tilt (>= 1.3.6)
      zurb-foundation (>= 4.0.9)
    bootstrap-sass (3.0.3.0)
      sass (~> 3.2)
    celluloid (0.15.2)
      timers (~> 1.1.0)
    chunky_png (1.2.9)
    compass (0.12.2)
      chunky_png (~> 1.2)
      fssm (>= 0.2.7)
      sass (~> 3.1)
    compass-960-plugin (0.10.4)
      compass (>= 0.10.0)
    ffi (1.9.3)
    fssm (0.2.10)
    git (1.2.6)
    haml (4.0.4)
      tilt
    listen (2.4.0)
      celluloid (>= 0.15.2)
      rb-fsevent (>= 0.9.3)
      rb-inotify (>= 0.9)
    mime-types (2.0)
    nokogiri (1.5.10)
    rack (1.5.2)
    rake (10.1.0)
    rb-fsevent (0.9.3)
    rb-inotify (0.9.3)
      ffi (>= 0.5.0)
    rest-client (1.6.7)
      mime-types (>= 1.16)
    ruby-s3cmd (0.1.5)
    sass (3.2.12)
    tilt (2.0.0)
    timers (1.1.0)
    zurb-foundation (4.3.2)
      sass (>= 3.2.0)

PLATFORMS
  ruby

DEPENDENCIES
  awestruct (>= 0.5.1)
  rake (>= 0.9.2)
